GEM
  remote: https://rubygems.org/
  specs:
    addressable (2.5.2)
      public_suffix (>= 2.0.2, < 4.0)
    cookiejar (0.3.3)
    em-http-request (1.1.5)
      addressable (>= 2.3.4)
      cookiejar (!= 0.3.1)
      em-socksify (>= 0.3)
      eventmachine (>= 1.0.3)
      http_parser.rb (>= 0.6.0)
    em-socksify (0.3.2)
      eventmachine (>= 1.0.0.beta.4)
    eventmachine (1.2.7-x86-mingw32)
    http_parser.rb (0.6.0)
    json (2.1.0)
    public_suffix (3.0.2)

PLATFORMS
  x86-mingw32

DEPENDENCIES
  em-http-request
  json

BUNDLED WITH
   1.16.2
